GEM
  remote: http://rubygems.org/
  specs:
    abstract (1.0.0)
    actionmailer (3.0.5)
      actionpack (= 3.0.5)
      mail (~> 2.2.15)
    actionpack (3.0.5)
      activemodel (= 3.0.5)
      activesupport (= 3.0.5)
      builder (~> 2.1.2)
      erubis (~> 2.6.6)
      i18n (~> 0.4)
      rack (~> 1.2.1)
      rack-mount (~> 0.6.13)
      rack-test (~> 0.5.7)
      tzinfo (~> 0.3.23)
    activemodel (3.0.5)
      activesupport (= 3.0.5)
      builder (~> 2.1.2)
      i18n (~> 0.4)
    activerecord (3.0.5)
      activemodel (= 3.0.5)
      activesupport (= 3.0.5)
      arel (~> 2.0.2)
      tzinfo (~> 0.3.23)
    activerecord-mysql2-adapter (0.0.3)
      mysql2
    activeresource (3.0.5)
      activemodel (= 3.0.5)
      activesupport (= 3.0.5)
    activesupport (3.0.5)
    archive-tar-minitar (0.5.2)
    arel (2.0.10)
    bcrypt (3.1.10)
    bcrypt-ruby (2.1.4)
    bigdecimal (1.1.0)
    builder (2.1.2)
    bundler-unload (1.0.2)
    climate_control (0.0.3)
      activesupport (>= 3.0)
    cocaine (0.5.8)
      climate_control (>= 0.0.3, < 1.0)
    devise (1.1.8)
      bcrypt-ruby (~> 2.1.2)
      warden (~> 1.0.2)
    erubis (2.6.6)
      abstract (>= 1.0.0)
    executable-hooks (1.6.0)
    gem-wrappers (1.2.7)
    hoe (3.14.2)
      rake (>= 0.8, < 11.0)
    i18n (0.7.0)
    io-console (0.3)
    json (1.5.5)
    mail (2.2.20)
      activesupport (>= 2.3.6)
      i18n (>= 0.4.0)
      mime-types (~> 1.16)
      treetop (~> 1.4.8)
    memcache-client (1.8.5)
    mime-types (1.25.1)
    mini_portile2 (2.0.0)
    minitest (2.5.1)
    mysql2 (0.4.10)
    nokogiri (1.6.7.1)
      mini_portile2 (~> 2.0.0.rc2)
    orm_adapter (0.0.7)
    paperclip (2.3.8)
      activerecord
      activesupport
    passenger (5.0.23)
      rack
      rake (>= 0.8.1)
    polyglot (0.3.5)
    rack (1.2.8)
    rack-mount (0.6.14)
      rack (>= 1.0.0)
    rack-test (0.5.7)
      rack (>= 1.0)
    rails (3.0.5)
      actionmailer (= 3.0.5)
      actionpack (= 3.0.5)
      activerecord (= 3.0.5)
      activeresource (= 3.0.5)
      activesupport (= 3.0.5)
      bundler (~> 1.0)
      railties (= 3.0.5)
    railties (3.0.5)
      actionpack (= 3.0.5)
      activesupport (= 3.0.5)
      rake (>= 0.8.7)
      thor (~> 0.14.4)
    rake (10.4.2)
    rcov (0.9.11)
    rdoc (3.9.5)
    rsolr (1.0.13)
      builder (>= 2.1.2)
    rubygems-bundler (1.4.4)
      bundler-unload (>= 1.0.2)
      executable-hooks (>= 1.3.2)
    rvm (1.11.3.9)
    thor (0.14.6)
    treetop (1.4.15)
      polyglot
      polyglot (>= 0.3.1)
    tzinfo (0.3.46)
    warden (1.0.3)
      rack (>= 1.0.0)

PLATFORMS
  ruby

DEPENDENCIES
  abstract (= 1.0.0)
  actionmailer (= 3.0.5)
  actionpack (= 3.0.5)
  activemodel (= 3.0.5)
  activerecord (= 3.0.5)
  activerecord-mysql2-adapter (= 0.0.3)
  activeresource (= 3.0.5)
  activesupport (= 3.0.5)
  archive-tar-minitar (= 0.5.2)
  arel (= 2.0.10)
  bcrypt (= 3.1.10)
  bcrypt-ruby (= 2.1.4)
  bigdecimal (= 1.1.0)
  builder (= 2.1.2)
  bundler (= 1.11.2)
  bundler-unload (= 1.0.2)
  climate_control (= 0.0.3)
  cocaine (= 0.5.8)
  devise (= 1.1.8)
  erubis (= 2.6.6)
  gem-wrappers (= 1.2.7)
  hoe (= 3.14.2)
  i18n (= 0.7.0)
  io-console (= 0.3)
  json (= 1.5.5)
  mail (= 2.2.20)
  memcache-client (= 1.8.5)
  mime-types (= 1.25.1)
  mini_portile2 (= 2.0.0)
  minitest (= 2.5.1)
  mysql2 (= 0.4.10)
  nokogiri (= 1.6.7.1)
  orm_adapter (= 0.0.7)
  paperclip (= 2.3.8)
  passenger (= 5.0.23)
  polyglot (= 0.3.5)
  rack-mount (= 0.6.14)
  rack-test (= 0.5.7)
  rails (= 3.0.5)
  railties (= 3.0.5)
  rake (= 10.4.2)
  rcov (= 0.9.11)
  rdoc (= 3.9.5)
  rsolr (= 1.0.13)
  rubygems-bundler (= 1.4.4)
  rvm (= 1.11.3.9)
  thor (= 0.14.6)
  treetop (= 1.4.15)
  tzinfo (= 0.3.46)
  warden (= 1.0.3)

BUNDLED WITH
   1.11.2
